FRAMEWORK: >= NET451
NUGET
  remote: http://api.nuget.org/v3/index.json
    Autofac (4.1.1)
    AutoMapper (5.1.1)
    Caliburn.Micro (3.0.1)
      Caliburn.Micro.Core (3.0.1)
      Microsoft.Xaml.Behaviors.Uwp.Managed (>= 1.1)
    Caliburn.Micro.Core (3.0.1)
    JetBrains.Annotations (10.2.1)
    Microsoft.Xaml.Behaviors.Uwp.Managed (1.1)
    ModernUI.WPF (1.0.9)
    MoreLinq.Portable (1.4)
    Newtonsoft.Json (9.0.1)
    Rx-Core (2.2.5)
      Rx-Interfaces (>= 2.2.5)
    Rx-Interfaces (2.2.5)
    Rx-Linq (2.2.5)
      Rx-Core (>= 2.2.5)
      Rx-Interfaces (>= 2.2.5)
    Rx-Main (2.2.5)
      Rx-Core (>= 2.2.5)
      Rx-Interfaces (>= 2.2.5)
      Rx-Linq (>= 2.2.5)
      Rx-PlatformServices (>= 2.2.5)
    Rx-PlatformServices (2.2.5)
      Rx-Core (>= 2.2.5)
      Rx-Interfaces (>= 2.2.5)
    Rx-WPF (2.2.5)
      Rx-Xaml (>= 2.2.5)
    Rx-Xaml (2.2.5)
      Rx-Main (>= 2.2.5)
    System.Collections (4.0.11)
    System.Collections.Immutable (1.2)
    System.Diagnostics.Debug (4.0.11)
    System.Globalization (4.0.11)
    System.Linq (4.1)
    System.Resources.ResourceManager (4.0.1)
    System.Runtime (4.1)
    System.Runtime.Extensions (4.1)
    System.Threading (4.0.11)
