FRAMEWORK: >= NET451
NUGET
  remote: http://api.nuget.org/v3/index.json
    Autofac (4.1.1)
    AutoMapper (5.1.1)
    Caliburn.Micro (3.0.1)
      Caliburn.Micro.Core (3.0.1)
      Microsoft.Xaml.Behaviors.Uwp.Managed (>= 1.1)
    Caliburn.Micro.Core (3.0.1)
    JetBrains.Annotations (10.2.1)
    Microsoft.Xaml.Behaviors.Uwp.Managed (1.1)
    ModernUI.WPF (1.0.9)
    MoreLinq.Portable (1.4)
    System.Collections.Immutable (1.2)
